GEM
  remote: http://rubygems.org/
  specs:
    actionmailer (2.3.11)
      actionpack (= 2.3.11)
    actionpack (2.3.11)
      activesupport (= 2.3.11)
      rack (~> 1.1.0)
    activerecord (2.3.11)
      activesupport (= 2.3.11)
    activeresource (2.3.11)
      activesupport (= 2.3.11)
    activesupport (2.3.11)
    coderay (0.9.7)
    i18n (0.4.2)
    mysql (2.8.1)
    rack (1.1.3)
    rails (2.3.11)
      actionmailer (= 2.3.11)
      actionpack (= 2.3.11)
      activerecord (= 2.3.11)
      activeresource (= 2.3.11)
      activesupport (= 2.3.11)
      rake (>= 0.8.3)
    rake (0.8.7)
    rubytree (0.8.2)

PLATFORMS
  ruby

DEPENDENCIES
  coderay (= 0.9.7)
  i18n (= 0.4.2)
  mysql
  rack (= 1.1.3)
  rails (= 2.3.11)
  rake (= 0.8.7)
  rubytree
